GEM
  remote: https://rubygems.org/
  specs:
    power_assert (0.2.6)
    test-unit (3.1.5)
      power_assert

PLATFORMS
  ruby

DEPENDENCIES
  test-unit (~> 3.1, >= 3.1.5)

BUNDLED WITH
   1.11.0
